GEM
  remote: https://rubygems.org/
  specs:
    asciidoctor (2.0.20)
    asciidoctor-revealjs (5.0.1)
      asciidoctor (>= 2.0.0, < 3.0.0)
    pygments.rb (2.4.1)

PLATFORMS
  ruby

DEPENDENCIES
  asciidoctor-revealjs
  pygments.rb

BUNDLED WITH
   1.17.3
